GEM
  remote: https://rubygems.org/
  specs:
    mini_portile (0.6.2)
    minitest (5.5.1)
    nokogiri (1.6.6.2)
      mini_portile (~> 0.6.0)
    saxerator (0.9.5)
      nokogiri (>= 1.4.0)

PLATFORMS
  ruby

DEPENDENCIES
  minitest
  nokogiri
  saxerator
